GEM
  remote: http://rubygems.org/
  specs:
    activemodel (3.2.6)
      activesupport (= 3.2.6)
      builder (~> 3.0.0)
    activerecord (3.2.6)
      activemodel (= 3.2.6)
      activesupport (= 3.2.6)
      arel (~> 3.0.2)
      tzinfo (~> 0.3.29)
    activesupport (3.2.6)
      i18n (~> 0.6)
      multi_json (~> 1.0)
    addressable (2.2.8)
    arel (3.0.2)
    builder (3.0.0)
    crack (0.3.1)
    diff-lcs (1.1.3)
    eventmachine (1.0.0.rc.4)
    facebook_oauth (0.3.0)
      json (>= 1.5.3)
      mime-types (>= 1.16)
      oauth2 (>= 0.5.1)
    faraday (0.8.1)
      multipart-post (~> 1.1)
    httpauth (0.1)
    i18n (0.6.0)
    json (1.7.3)
    jwt (0.1.4)
      json (>= 1.2.4)
    mime-types (1.19)
    multi_json (1.3.6)
    multipart-post (1.1.5)
    net-irc (0.0.9)
    oauth2 (0.8.0)
      faraday (~> 0.8)
      httpauth (~> 0.1)
      jwt (~> 0.1.4)
      multi_json (~> 1.0)
      rack (~> 1.2)
    pit (0.0.6)
    rack (1.4.1)
    rake (0.9.2.2)
    rspec (2.10.0)
      rspec-core (~> 2.10.0)
      rspec-expectations (~> 2.10.0)
      rspec-mocks (~> 2.10.0)
    rspec-core (2.10.1)
    rspec-expectations (2.10.0)
      diff-lcs (~> 1.1.3)
    rspec-mocks (2.10.1)
    sqlite3 (1.3.6)
    tzinfo (0.3.33)
    webmock (1.8.7)
      addressable (>= 2.2.7)
      crack (>= 0.1.7)
    ya2yaml (0.31)

PLATFORMS
  ruby

DEPENDENCIES
  activerecord (~> 3.2)
  activesupport (~> 3.2)
  eventmachine (~> 1.0.beta)
  facebook_oauth (~> 0.3.0)
  i18n (~> 0.6.0)
  net-irc (~> 0.0.9)
  pit (~> 0.0.6)
  rake (~> 0.9.2)
  rspec (~> 2.9)
  sqlite3 (~> 1.3.5)
  webmock (~> 1.8)
  ya2yaml (~> 0.31)
