GEM
  remote: http://rubygems.org/
  specs:
    activemodel (3.2.12)
      activesupport (= 3.2.12)
      builder (~> 3.0.0)
    activerecord (3.2.12)
      activemodel (= 3.2.12)
      activesupport (= 3.2.12)
      arel (~> 3.0.2)
      tzinfo (~> 0.3.29)
    activesupport (3.2.12)
      i18n (~> 0.6)
      multi_json (~> 1.0)
    addressable (2.3.3)
    arel (3.0.2)
    builder (3.0.4)
    crack (0.3.2)
    diff-lcs (1.2.1)
    eventmachine (1.0.1)
    facebook_oauth (0.3.0)
      json (>= 1.5.3)
      mime-types (>= 1.16)
      oauth2 (>= 0.5.1)
    faraday (0.8.6)
      multipart-post (~> 1.1)
    httpauth (0.2.0)
    i18n (0.6.4)
    json (1.7.7)
    jwt (0.1.5)
      multi_json (>= 1.0)
    mime-types (1.21)
    multi_json (1.6.1)
    multi_xml (0.5.3)
    multipart-post (1.2.0)
    net-irc (0.0.9)
    oauth2 (0.9.1)
      faraday (~> 0.8)
      httpauth (~> 0.1)
      jwt (~> 0.1.4)
      multi_json (~> 1.0)
      multi_xml (~> 0.5)
      rack (~> 1.2)
    pit (0.0.7)
    rack (1.5.2)
    rake (0.9.6)
    rspec (2.13.0)
      rspec-core (~> 2.13.0)
      rspec-expectations (~> 2.13.0)
      rspec-mocks (~> 2.13.0)
    rspec-core (2.13.0)
    rspec-expectations (2.13.0)
      diff-lcs (>= 1.1.3, < 2.0)
    rspec-mocks (2.13.0)
    sqlite3 (1.3.7)
    tzinfo (0.3.36)
    webmock (1.11.0)
      addressable (>= 2.2.7)
      crack (>= 0.3.2)
    ya2yaml (0.31)

PLATFORMS
  ruby

DEPENDENCIES
  activerecord (~> 3.2)
  activesupport (~> 3.2)
  eventmachine (~> 1.0.beta)
  facebook_oauth (~> 0.3.0)
  i18n (~> 0.6.0)
  net-irc (~> 0.0.9)
  pit (~> 0.0.6)
  rake (~> 0.9.2)
  rspec (~> 2.9)
  sqlite3 (~> 1.3.5)
  webmock (~> 1.8)
  ya2yaml (~> 0.31)
